PATH
  remote: .
  specs:
    time_span (0.1.7)

GEM
  remote: http://rubygems.org/
  specs:
    diff-lcs (1.1.3)
    rake (0.9.2.2)
    rspec (2.10.0)
      rspec-core (~> 2.10.0)
      rspec-expectations (~> 2.10.0)
      rspec-mocks (~> 2.10.0)
    rspec-core (2.10.1)
    rspec-expectations (2.10.0)
      diff-lcs (~> 1.1.3)
    rspec-mocks (2.10.1)
    rubygems-test (0.4.3)
      rake (>= 0.8.7)

PLATFORMS
  ruby

DEPENDENCIES
  rspec
  rubygems-test
  time_span!
